GEM
  remote: https://rubygems.org/
  specs:
    addressable (2.4.0)
    breakpoint (2.5.0)
      sass (~> 3.3)
      sassy-maps (< 1.0.0)
    chunky_png (1.3.5)
    compass (1.0.3)
      chunky_png (~> 1.2)
      compass-core (~> 1.0.2)
      compass-import-once (~> 1.0.5)
      rb-fsevent (>= 0.9.3)
      rb-inotify (>= 0.9)
      sass (>= 3.3.13, < 3.5)
    compass-core (1.0.3)
      multi_json (~> 1.0)
      sass (>= 3.3.0, < 3.5)
    compass-import-once (1.0.5)
      sass (>= 3.2, < 3.5)
    compass-validator (3.0.1)
    css_parser (1.3.7)
      addressable
    ffi (1.9.10-x64-mingw32)
    multi_json (1.11.2)
    oily_png (1.2.0)
      chunky_png (~> 1.3.1)
    oj (2.14.1)
    rb-fsevent (0.9.6)
    rb-inotify (0.9.5)
      ffi (>= 0.5.0)
    sass (3.4.20)
    sass-globbing (1.1.1)
      sass (>= 3.1)
    sassy-maps (0.4.0)
      sass (~> 3.3)
    susy (2.2.9)
      sass (>= 3.3.0, < 3.5)

PLATFORMS
  x64-mingw32

DEPENDENCIES
  breakpoint
  compass
  compass-validator
  css_parser
  oily_png
  oj
  sass
  sass-globbing
  susy

BUNDLED WITH
   1.10.6
